GEM
  remote: https://rubygems.org/
  specs:
    cf-app-utils (0.6)
    childprocess (4.0.0)
    diff-lcs (1.4.4)
    logger (1.4.3)
    mustermann (1.1.1)
      ruby2_keywords (~> 0.0.1)
    openssl (2.2.0)
    rack (2.2.3)
    rack-protection (2.1.0)
      rack
    rack-test (1.1.0)
      rack (>= 1.0, < 3)
    redis (4.2.5)
    rspec (3.10.0)
      rspec-core (~> 3.10.0)
      rspec-expectations (~> 3.10.0)
      rspec-mocks (~> 3.10.0)
    rspec-core (3.10.0)
      rspec-support (~> 3.10.0)
    rspec-expectations (3.10.0)
      diff-lcs (>= 1.2.0, < 2.0)
      rspec-support (~> 3.10.0)
    rspec-mocks (3.10.0)
      diff-lcs (>= 1.2.0, < 2.0)
      rspec-support (~> 3.10.0)
    rspec-support (3.10.0)
    ruby2_keywords (0.0.2)
    sinatra (2.1.0)
      mustermann (~> 1.0)
      rack (~> 2.2)
      rack-protection (= 2.1.0)
      tilt (~> 2.0)
    tilt (2.0.10)
    tttls1.3 (0.2.15)
      logger
      openssl

PLATFORMS
  ruby

DEPENDENCIES
  cf-app-utils
  childprocess
  rack-test
  redis
  rspec
  sinatra
  tttls1.3 (>= 0.2.15)

BUNDLED WITH
   2.2.26
