GEM
  remote: https://rubygems.org/
  specs:
    cf-app-utils (0.6)
    childprocess (4.1.0)
    diff-lcs (1.5.0)
    ipaddr (1.2.3)
    logger (1.4.4)
    mustermann (1.1.1)
      ruby2_keywords (~> 0.0.1)
    openssl (2.2.1)
      ipaddr
    rack (2.2.3.1)
    rack-protection (2.2.0)
      rack
    rack-test (2.0.0)
      rack (>= 1.3)
    redis (4.5.1)
    rspec (3.11.0)
      rspec-core (~> 3.11.0)
      rspec-expectations (~> 3.11.0)
      rspec-mocks (~> 3.11.0)
    rspec-core (3.11.0)
      rspec-support (~> 3.11.0)
    rspec-expectations (3.11.0)
      diff-lcs (>= 1.2.0, < 2.0)
      rspec-support (~> 3.11.0)
    rspec-mocks (3.11.0)
      diff-lcs (>= 1.2.0, < 2.0)
      rspec-support (~> 3.11.0)
    rspec-support (3.11.0)
    ruby2_keywords (0.0.5)
    sinatra (2.2.0)
      mustermann (~> 1.0)
      rack (~> 2.2)
      rack-protection (= 2.2.0)
      tilt (~> 2.0)
    tilt (2.0.10)
    tttls1.3 (0.2.15)
      logger
      openssl

PLATFORMS
  ruby

DEPENDENCIES
  cf-app-utils
  childprocess
  rack-test
  redis
  rspec
  sinatra
  tttls1.3 (>= 0.2.15)
