GEM
  remote: https://rubygems.org/
  specs:
    cf-app-utils (0.6)
    childprocess (5.1.0)
      logger (~> 1.5)
    connection_pool (2.4.1)
    diff-lcs (1.5.1)
    logger (1.6.1)
    mustermann (3.0.3)
      ruby2_keywords (~> 0.0.1)
    openssl (3.2.0)
    rack (2.2.9)
    rack-protection (3.0.6)
      rack
    rack-test (2.1.0)
      rack (>= 1.3)
    redis (5.3.0)
      redis-client (>= 0.22.0)
    redis-client (0.22.2)
      connection_pool
    rspec (3.13.0)
      rspec-core (~> 3.13.0)
      rspec-expectations (~> 3.13.0)
      rspec-mocks (~> 3.13.0)
    rspec-core (3.13.1)
      rspec-support (~> 3.13.0)
    rspec-expectations (3.13.3)
      diff-lcs (>= 1.2.0, < 2.0)
      rspec-support (~> 3.13.0)
    rspec-mocks (3.13.1)
      diff-lcs (>= 1.2.0, < 2.0)
      rspec-support (~> 3.13.0)
    rspec-support (3.13.1)
    ruby2_keywords (0.0.5)
    sinatra (3.0.6)
      mustermann (~> 3.0)
      rack (~> 2.2, >= 2.2.4)
      rack-protection (= 3.0.6)
      tilt (~> 2.0)
    tilt (2.4.0)
    tttls1.3 (0.2.19)
      logger
      openssl
    webrick (1.8.2)

PLATFORMS
  ruby
  x86_64-darwin-23

DEPENDENCIES
  cf-app-utils
  childprocess
  openssl (= 3.2.0)
  rack-test
  redis
  rspec
  sinatra (= 3.0.6)
  tttls1.3 (>= 0.2.15)
  webrick (~> 1.8)

BUNDLED WITH
   2.5.16
