GEM
  remote: https://rubygems.org/
  specs:
    cf-app-utils (0.6)
    childprocess (4.0.0)
    diff-lcs (1.3)
    mustermann (1.1.0)
      ruby2_keywords (~> 0.0.1)
    rack (2.2.3)
    rack-protection (2.0.8.1)
      rack
    rack-test (1.1.0)
      rack (>= 1.0, < 3)
    redis (4.2.4)
    rspec (3.9.0)
      rspec-core (~> 3.9.0)
      rspec-expectations (~> 3.9.0)
      rspec-mocks (~> 3.9.0)
    rspec-core (3.9.0)
      rspec-support (~> 3.9.0)
    rspec-expectations (3.9.0)
      diff-lcs (>= 1.2.0, < 2.0)
      rspec-support (~> 3.9.0)
    rspec-mocks (3.9.0)
      diff-lcs (>= 1.2.0, < 2.0)
      rspec-support (~> 3.9.0)
    rspec-support (3.9.0)
    ruby2_keywords (0.0.1)
    sinatra (2.0.8.1)
      mustermann (~> 1.0)
      rack (~> 2.0)
      rack-protection (= 2.0.8.1)
      tilt (~> 2.0)
    tilt (2.0.10)

PLATFORMS
  ruby

DEPENDENCIES
  cf-app-utils
  childprocess
  rack-test
  redis
  rspec
  sinatra

BUNDLED WITH
   1.17.2
