GEM
  remote: https://rubygems.org/
  specs:
    cf-app-utils (0.6)
    childprocess (4.1.0)
    diff-lcs (1.5.0)
    logger (1.5.3)
    mustermann (2.0.2)
      ruby2_keywords (~> 0.0.1)
    openssl (3.1.0)
    rack (2.2.6.3)
    rack-protection (2.2.3)
      rack
    rack-test (2.0.2)
      rack (>= 1.3)
    redis (4.5.1)
    rspec (3.12.0)
      rspec-core (~> 3.12.0)
      rspec-expectations (~> 3.12.0)
      rspec-mocks (~> 3.12.0)
    rspec-core (3.12.1)
      rspec-support (~> 3.12.0)
    rspec-expectations (3.12.2)
      diff-lcs (>= 1.2.0, < 2.0)
      rspec-support (~> 3.12.0)
    rspec-mocks (3.12.3)
      diff-lcs (>= 1.2.0, < 2.0)
      rspec-support (~> 3.12.0)
    rspec-support (3.12.0)
    ruby2_keywords (0.0.5)
    sinatra (2.2.3)
      mustermann (~> 2.0)
      rack (~> 2.2)
      rack-protection (= 2.2.3)
      tilt (~> 2.0)
    tilt (2.1.0)
    tttls1.3 (0.2.19)
      logger
      openssl
    webrick (1.8.1)

PLATFORMS
  ruby

DEPENDENCIES
  cf-app-utils
  childprocess
  rack-test
  redis
  rspec
  sinatra (= 2.2.3)
  tttls1.3 (>= 0.2.15)
  webrick (~> 1.8)
